GIT
  remote: https://github.com/komagata/fjord_boot_camp.git
  revision: 02a30c2aeb9814ccebb750a06ae13bbd7dcac7f2
  ref: 02a30c2aeb9814ccebb750a06ae13bbd7dcac7f2
  specs:
    fjord_boot_camp (0.1.0)

GEM
  remote: https://rubygems.org/
  specs:
    cloud_events (0.7.0)
    functions_framework (1.1.0)
      cloud_events (>= 0.7.0, < 2.a)
      puma (>= 4.3.0, < 6.a)
      rack (~> 2.1)
    nio4r (2.5.8)
    puma (5.6.4)
      nio4r (~> 2.0)
    rack (2.2.3.1)

PLATFORMS
  arm64-darwin-21

DEPENDENCIES
  fjord_boot_camp!
  functions_framework (~> 1.0)

BUNDLED WITH
   2.2.33
